PATH
  remote: .
  specs:
    pipeful (0.1.2)

GEM
  remote: https://rubygems.org/
  specs:
    ansi (1.5.0)
    binding_of_caller (0.8.0)
      debug_inspector (>= 0.0.1)
    builder (3.2.4)
    debug_inspector (0.0.3)
    minitest (5.14.2)
    minitest-reporters (1.4.2)
      ansi
      builder
      minitest (>= 5.0)
      ruby-progressbar
    ruby-progressbar (1.10.1)

PLATFORMS
  x64-mingw32

DEPENDENCIES
  binding_of_caller (~> 0.8)
  minitest (~> 5.13)
  minitest-reporters (~> 1.4)
  pipeful!

BUNDLED WITH
   2.2.2
